GEM
  remote: https://rubygems.org/
  specs:
    mini_portile2 (2.8.4)
    nokogiri (1.15.3)
      mini_portile2 (~> 2.8.2)
      racc (~> 1.4)
    nokogiri (1.15.3-x86_64-darwin)
      racc (~> 1.4)
    nokogiri (1.15.3-x86_64-linux)
      racc (~> 1.4)
    racc (1.7.1)

PLATFORMS
  ruby
  x86_64-darwin-19
  x86_64-darwin-20
  x86_64-darwin-21
  x86_64-linux

DEPENDENCIES
  nokogiri (~> 1.15.0)

BUNDLED WITH
   2.3.6
